GEM
  remote: http://rubygems.org/
  specs:
    actionmailer (2.0.2)
      actionpack (= 2.0.2)
    actionpack (2.0.2)
      activesupport (= 2.0.2)
    activerecord (2.0.2)
      activesupport (= 2.0.2)
    activeresource (2.0.2)
      activesupport (= 2.0.2)
    activesupport (2.0.2)
    google-geocode (1.2.1)
      hoe (>= 1.1.4)
      rc-rest (>= 2.0.0)
    hoe (2.10.0)
      rake (~> 0.8)
    hpricot (0.8.4)
    mini_portile2 (2.8.0)
    mocha (0.9.12)
    net-http-persistent (1.8)
    nokogiri (1.13.9)
      mini_portile2 (~> 2.8.0)
      racc (~> 1.4)
    racc (1.6.0)
    rails (2.0.2)
      actionmailer (= 2.0.2)
      actionpack (= 2.0.2)
      activerecord (= 2.0.2)
      activeresource (= 2.0.2)
      activesupport (= 2.0.2)
      rake (>= 0.7.2)
    rake (0.8.7)
    rc-rest (4.0)
      net-http-persistent (~> 1.0)
      nokogiri (>= 1.3.1)
    sqlite3 (1.3.3)

PLATFORMS
  ruby

DEPENDENCIES
  google-geocode
  hpricot
  mocha
  rails (= 2.0.2)
  rake (= 0.8.7)
  sqlite3
